GIT
  remote: git@github.com:inviqa/inviqa-rake-tasks-docker.git
  revision: e7cdbfe9525c852b1b0d22924e09810f10a1c617
  ref: master
  specs:
    rake-tasks-docker (0.1.0)
      rake (>= 10.0, <= 12)

PATH
  remote: .
  specs:
    rake-tasks-mysql (0.1.0)
      rake (>= 10.0, <= 13)
      rake-tasks-docker
      slop (~> 4.6.0)

GEM
  remote: https://rubygems.org/
  specs:
    ast (2.3.0)
    diff-lcs (1.3)
    parallel (1.12.0)
    parser (2.4.0.0)
      ast (~> 2.2)
    powerpack (0.1.1)
    rainbow (2.2.2)
      rake
    rake (12.0.0)
    rspec (3.7.0)
      rspec-core (~> 3.7.0)
      rspec-expectations (~> 3.7.0)
      rspec-mocks (~> 3.7.0)
    rspec-core (3.7.0)
      rspec-support (~> 3.7.0)
    rspec-expectations (3.7.0)
      diff-lcs (>= 1.2.0, < 2.0)
      rspec-support (~> 3.7.0)
    rspec-mocks (3.7.0)
      diff-lcs (>= 1.2.0, < 2.0)
      rspec-support (~> 3.7.0)
    rspec-support (3.7.0)
    rubocop (0.51.0)
      parallel (~> 1.10)
      parser (>= 2.3.3.1, < 3.0)
      powerpack (~> 0.1)
      rainbow (>= 2.2.2, < 3.0)
      ruby-progressbar (~> 1.7)
      unicode-display_width (~> 1.0, >= 1.0.1)
    ruby-progressbar (1.9.0)
    slop (4.6.0)
    unicode-display_width (1.3.0)

PLATFORMS
  ruby

DEPENDENCIES
  rake-tasks-docker!
  rake-tasks-mysql!
  rspec (~> 3.6)
  rubocop (~> 0.51.0)

BUNDLED WITH
   1.12.5
